GEM
  remote: https://rubygems.org/
  specs:
    rack (1.6.4)
    rack-protection (1.5.3)
      rack
    sinatra (1.4.7)
      rack (~> 1.5)
      rack-protection (~> 1.4)
      tilt (>= 1.3, < 3)
    strans-client (0.0.14)
    tilt (2.0.4)

PLATFORMS
  ruby

DEPENDENCIES
  sinatra
  strans-client

BUNDLED WITH
   1.12.4
